PATH
  remote: .
  specs:
    turboname (0.0.2)
      whois (>= 2.0.0)

GEM
  remote: https://rubygems.org/
  specs:
    activesupport (7.0.3)
      concurrent-ruby (~> 1.0, >= 1.0.2)
      i18n (>= 1.6, < 2)
      minitest (>= 5.1)
      tzinfo (~> 2.0)
    bourne (1.1.2)
      mocha (= 0.10.5)
    concurrent-ruby (1.1.10)
    diff-lcs (1.2.1)
    i18n (1.10.0)
      concurrent-ruby (~> 1.0)
    metaclass (0.0.4)
    minitest (5.16.0)
    mocha (0.10.5)
      metaclass (~> 0.0.1)
    rake (10.0.3)
    rspec (2.13.0)
      rspec-core (~> 2.13.0)
      rspec-expectations (~> 2.13.0)
      rspec-mocks (~> 2.13.0)
    rspec-core (2.13.1)
    rspec-expectations (2.13.0)
      diff-lcs (>= 1.1.3, < 2.0)
    rspec-mocks (2.13.0)
    shoulda (3.3.2)
      shoulda-context (~> 1.0.1)
      shoulda-matchers (~> 1.4.1)
    shoulda-context (1.0.2)
    shoulda-matchers (1.4.2)
      activesupport (>= 3.0.0)
      bourne (~> 1.1.2)
    tzinfo (2.0.4)
      concurrent-ruby (~> 1.0)
    whois (2.7.0)

PLATFORMS
  ruby

DEPENDENCIES
  bundler (~> 1.3)
  rake
  rspec
  shoulda
  turboname!
  whois
